GEM
  remote: http://rubygems.org/
  specs:
    gosu (0.7.45)
    gosu (0.7.45-x86-mingw32)

PLATFORMS
  ruby
  x86-mingw32

DEPENDENCIES
  gosu
